RESTRICTION: == net461
NUGET
  remote: https://api.nuget.org/v3/index.json
    AvalonEdit (5.0.3) - redirects: force
    ManagedEsent (1.9.4) - redirects: force
    Microsoft.CodeAnalysis.Analyzers (1.1) - redirects: force
    Microsoft.CodeAnalysis.Common (2.3.2) - redirects: force
      Microsoft.CodeAnalysis.Analyzers (>= 1.1)
      System.AppContext (>= 4.3)
      System.Collections (>= 4.3)
      System.Collections.Concurrent (>= 4.3)
      System.Collections.Immutable (>= 1.3.1)
      System.Console (>= 4.3)
      System.Diagnostics.Debug (>= 4.3)
      System.Diagnostics.FileVersionInfo (>= 4.3)
      System.Diagnostics.StackTrace (>= 4.3)
      System.Diagnostics.Tools (>= 4.3)
      System.Dynamic.Runtime (>= 4.3)
      System.Globalization (>= 4.3)
      System.IO.Compression (>= 4.3)
      System.IO.FileSystem (>= 4.3)
      System.IO.FileSystem.Primitives (>= 4.3)
      System.Linq (>= 4.3)
      System.Linq.Expressions (>= 4.3)
      System.Reflection (>= 4.3)
      System.Reflection.Metadata (>= 1.4.2)
      System.Resources.ResourceManager (>= 4.3)
      System.Runtime (>= 4.3)
      System.Runtime.Extensions (>= 4.3)
      System.Runtime.InteropServices (>= 4.3)
      System.Runtime.Numerics (>= 4.3)
      System.Security.Cryptography.Algorithms (>= 4.3)
      System.Security.Cryptography.Encoding (>= 4.3)
      System.Security.Cryptography.X509Certificates (>= 4.3)
      System.Text.Encoding (>= 4.3)
      System.Text.Encoding.CodePages (>= 4.3)
      System.Text.Encoding.Extensions (>= 4.3)
      System.Threading (>= 4.3)
      System.Threading.Tasks (>= 4.3)
      System.Threading.Tasks.Parallel (>= 4.3)
      System.Threading.Thread (>= 4.3)
      System.ValueTuple (>= 4.3)
      System.Xml.ReaderWriter (>= 4.3)
      System.Xml.XDocument (>= 4.3)
      System.Xml.XmlDocument (>= 4.3)
      System.Xml.XPath.XDocument (>= 4.3)
    Microsoft.CodeAnalysis.CSharp (2.3.2) - redirects: force
      Microsoft.CodeAnalysis.Common (2.3.2)
    Microsoft.CodeAnalysis.CSharp.Features (2.3.2) - redirects: force
      Microsoft.CodeAnalysis.CSharp.Workspaces (>= 2.3.2)
      Microsoft.CodeAnalysis.Features (>= 2.3.2)
    Microsoft.CodeAnalysis.CSharp.Scripting (2.3.2) - redirects: force
      Microsoft.CodeAnalysis.CSharp (2.3.2)
      Microsoft.CodeAnalysis.Scripting.Common (2.3.2)
    Microsoft.CodeAnalysis.CSharp.Workspaces (2.3.2) - redirects: force
      Microsoft.CodeAnalysis.CSharp (2.3.2)
      Microsoft.CodeAnalysis.Workspaces.Common (2.3.2)
    Microsoft.CodeAnalysis.Features (2.3.2) - redirects: force
      Microsoft.CodeAnalysis.Workspaces.Common (>= 2.3.2)
    Microsoft.CodeAnalysis.Scripting.Common (2.3.2) - redirects: force
      Microsoft.CodeAnalysis.Common (2.3.2)
      System.AppContext (>= 4.3)
      System.Collections (>= 4.3)
      System.Collections.Immutable (>= 1.3.1)
      System.Diagnostics.Debug (>= 4.3)
      System.Diagnostics.StackTrace (>= 4.3)
      System.Diagnostics.Tools (>= 4.3)
      System.Globalization (>= 4.3)
      System.IO (>= 4.3)
      System.IO.FileSystem (>= 4.3)
      System.Linq (>= 4.3)
      System.Linq.Expressions (>= 4.3)
      System.Reflection (>= 4.3)
      System.Reflection.Extensions (>= 4.3)
      System.Resources.ResourceManager (>= 4.3)
      System.Runtime (>= 4.3)
      System.Runtime.Extensions (>= 4.3)
      System.Runtime.InteropServices (>= 4.3)
      System.Threading (>= 4.3)
      System.Threading.Tasks (>= 4.3)
    Microsoft.CodeAnalysis.Workspaces.Common (2.3.2) - redirects: force
      ManagedEsent (>= 1.9.4)
      Microsoft.CodeAnalysis.Common (2.3.2)
      System.Composition (>= 1.0.31)
    Microsoft.CSharp (4.4) - redirects: force
    Microsoft.NETCore.Platforms (2.0) - redirects: force
    Microsoft.Win32.Primitives (4.3) - redirects: force
    netstandard.library (1.6.1) - redirects: force
      Microsoft.NETCore.Platforms (>= 1.1)
      Microsoft.Win32.Primitives (>= 4.3)
      System.AppContext (>= 4.3)
      System.Collections (>= 4.3)
      System.Collections.Concurrent (>= 4.3)
      System.Console (>= 4.3)
      System.Diagnostics.Debug (>= 4.3)
      System.Diagnostics.Tools (>= 4.3)
      System.Diagnostics.Tracing (>= 4.3)
      System.Globalization (>= 4.3)
      System.Globalization.Calendars (>= 4.3)
      System.IO (>= 4.3)
      System.IO.Compression (>= 4.3)
      System.IO.Compression.ZipFile (>= 4.3)
      System.IO.FileSystem (>= 4.3)
      System.IO.FileSystem.Primitives (>= 4.3)
      System.Linq (>= 4.3)
      System.Linq.Expressions (>= 4.3)
      System.Net.Http (>= 4.3)
      System.Net.Primitives (>= 4.3)
      System.Net.Sockets (>= 4.3)
      System.ObjectModel (>= 4.3)
      System.Reflection (>= 4.3)
      System.Reflection.Extensions (>= 4.3)
      System.Reflection.Primitives (>= 4.3)
      System.Resources.ResourceManager (>= 4.3)
      System.Runtime (>= 4.3)
      System.Runtime.Extensions (>= 4.3)
      System.Runtime.Handles (>= 4.3)
      System.Runtime.InteropServices (>= 4.3)
      System.Runtime.InteropServices.RuntimeInformation (>= 4.3)
      System.Runtime.Numerics (>= 4.3)
      System.Security.Cryptography.Algorithms (>= 4.3)
      System.Security.Cryptography.Encoding (>= 4.3)
      System.Security.Cryptography.Primitives (>= 4.3)
      System.Security.Cryptography.X509Certificates (>= 4.3)
      System.Text.Encoding (>= 4.3)
      System.Text.Encoding.Extensions (>= 4.3)
      System.Text.RegularExpressions (>= 4.3)
      System.Threading (>= 4.3)
      System.Threading.Tasks (>= 4.3)
      System.Threading.Timer (>= 4.3)
      System.Xml.ReaderWriter (>= 4.3)
      System.Xml.XDocument (>= 4.3)
    RoslynPad.Editor.Windows (1.0.3) - redirects: force
      AvalonEdit (>= 5.0.2)
      RoslynPad.Roslyn (>= 2.3.2.2)
      RoslynPad.Roslyn.Windows (>= 2.3.2.2)
      System.Reactive.Linq (>= 3.1.1)
    RoslynPad.Roslyn (2.3.2.2) - redirects: force
      Microsoft.CodeAnalysis.CSharp (>= 2.3.2)
      Microsoft.CodeAnalysis.CSharp.Features (>= 2.3.2)
      Microsoft.CodeAnalysis.CSharp.Scripting (>= 2.3.2)
      Microsoft.CodeAnalysis.CSharp.Workspaces (>= 2.3.2)
      Microsoft.CSharp (>= 4.3)
      netstandard.library (>= 1.6.1)
      System.IO.FileSystem.AccessControl (>= 4.3)
      System.Threading.Thread (>= 4.3)
    RoslynPad.Roslyn.Windows (2.3.2.2) - redirects: force
      RoslynPad.Roslyn (>= 2.3.2.2)
    System.AppContext (4.3) - redirects: force
    System.Collections (4.3) - redirects: force
    System.Collections.Concurrent (4.3) - redirects: force
    System.Collections.Immutable (1.4) - redirects: force
      netstandard.library (>= 1.6.1)
    System.Composition (1.1) - redirects: force
      System.Composition.AttributedModel (>= 1.1)
      System.Composition.Convention (>= 1.1)
      System.Composition.Hosting (>= 1.1)
      System.Composition.Runtime (>= 1.1)
      System.Composition.TypedParts (>= 1.1)
    System.Composition.AttributedModel (1.1) - redirects: force
      netstandard.library (>= 1.6.1)
    System.Composition.Convention (1.1) - redirects: force
      netstandard.library (>= 1.6.1)
      System.Composition.AttributedModel (>= 1.1)
    System.Composition.Hosting (1.1) - redirects: force
      netstandard.library (>= 1.6.1)
      System.Composition.Runtime (>= 1.1)
    System.Composition.Runtime (1.1) - redirects: force
      netstandard.library (>= 1.6.1)
    System.Composition.TypedParts (1.1) - redirects: force
      netstandard.library (>= 1.6.1)
      System.Composition.AttributedModel (>= 1.1)
      System.Composition.Hosting (>= 1.1)
      System.Composition.Runtime (>= 1.1)
    System.Console (4.3) - redirects: force
    System.Diagnostics.Debug (4.3) - redirects: force
    System.Diagnostics.FileVersionInfo (4.3) - redirects: force
    System.Diagnostics.StackTrace (4.3) - redirects: force
    System.Diagnostics.Tools (4.3) - redirects: force
    System.Diagnostics.Tracing (4.3) - redirects: force
    System.Dynamic.Runtime (4.3) - redirects: force
    System.Globalization (4.3) - redirects: force
    System.Globalization.Calendars (4.3) - redirects: force
    System.IO (4.3) - redirects: force
    System.IO.Compression (4.3) - redirects: force
    System.IO.Compression.ZipFile (4.3) - redirects: force
    System.IO.FileSystem (4.3) - redirects: force
      System.IO.FileSystem.Primitives (>= 4.3)
    System.IO.FileSystem.AccessControl (4.4) - redirects: force
      System.Security.AccessControl (>= 4.4)
      System.Security.Principal.Windows (>= 4.4)
    System.IO.FileSystem.Primitives (4.3) - redirects: force
    System.Linq (4.3) - redirects: force
    System.Linq.Expressions (4.3) - redirects: force
    System.Net.Http (4.3.2) - redirects: force
      System.Security.Cryptography.X509Certificates (>= 4.3)
    System.Net.Primitives (4.3) - redirects: force
    System.Net.Sockets (4.3) - redirects: force
    System.ObjectModel (4.3) - redirects: force
    System.Reactive.Linq (3.1.1) - redirects: force
    System.Reflection (4.3) - redirects: force
    System.Reflection.Extensions (4.3) - redirects: force
    System.Reflection.Metadata (1.5) - redirects: force
      netstandard.library (>= 1.6.1)
      System.Collections.Immutable (>= 1.4)
    System.Reflection.Primitives (4.3) - redirects: force
    System.Resources.ResourceManager (4.3) - redirects: force
    System.Runtime (4.3) - redirects: force
    System.Runtime.Extensions (4.3) - redirects: force
    System.Runtime.Handles (4.3) - redirects: force
    System.Runtime.InteropServices (4.3) - redirects: force
    System.Runtime.InteropServices.RuntimeInformation (4.3) - redirects: force
    System.Runtime.Numerics (4.3) - redirects: force
    System.Security.AccessControl (4.4) - redirects: force
      System.Security.Principal.Windows (>= 4.4)
    System.Security.Cryptography.Algorithms (4.3) - redirects: force
      System.Security.Cryptography.Primitives (>= 4.3)
    System.Security.Cryptography.Encoding (4.3) - redirects: force
    System.Security.Cryptography.Primitives (4.3) - redirects: force
    System.Security.Cryptography.X509Certificates (4.3) - redirects: force
      System.Security.Cryptography.Algorithms (>= 4.3)
      System.Security.Cryptography.Encoding (>= 4.3)
    System.Security.Principal.Windows (4.4) - redirects: force
    System.Text.Encoding (4.3) - redirects: force
    System.Text.Encoding.CodePages (4.4) - redirects: force
    System.Text.Encoding.Extensions (4.3) - redirects: force
    System.Text.RegularExpressions (4.3) - redirects: force
    System.Threading (4.3) - redirects: force
    System.Threading.Tasks (4.3) - redirects: force
    System.Threading.Tasks.Parallel (4.3) - redirects: force
    System.Threading.Thread (4.3) - redirects: force
    System.Threading.Timer (4.3) - redirects: force
    System.ValueTuple (4.4) - redirects: force
    System.Xml.ReaderWriter (4.3) - redirects: force
    System.Xml.XDocument (4.3) - redirects: force
    System.Xml.XmlDocument (4.3) - redirects: force
    System.Xml.XPath (4.3) - redirects: force
    System.Xml.XPath.XDocument (4.3) - redirects: force
      System.Xml.XPath (>= 4.3)
